NUGET
  remote: https://www.nuget.org/api/v2
  specs:
    CoreTweet (0.6.2.277)
      Newtonsoft.Json (>= 4.5.11) - framework: >= net35
      Newtonsoft.Json (>= 6.0.8) - framework: net10, net11, net20, net30
    EntityFramework (6.1.3)
    FSharp.Configuration (0.5.12)
    FsYaml (2.1)
      FSharp.Configuration (>= 0.4.10)
      YamlDotNet (>= 3.8)
    Newtonsoft.Json (8.0.3) - framework: >= net35
    SQLite.CodeFirst (1.2.0.12)
      EntityFramework (>= 6.1)
    System.Data.SQLite (1.0.101)
      System.Data.SQLite.Core (>= 1.0.101) - framework: net20, net40, net45, net451, >= net46
      System.Data.SQLite.EF6 (>= 1.0.101) - framework: net40, net45, net451, >= net46
      System.Data.SQLite.Linq (>= 1.0.101) - framework: net20, net40, net45, net451, >= net46
    System.Data.SQLite.Core (1.0.101)
    System.Data.SQLite.EF6 (1.0.101)
      EntityFramework (>= 6.0) - framework: net40, net45, net451, >= net46
    System.Data.SQLite.Linq (1.0.101)
    YamlDotNet (3.8)
GITHUB
  remote: fsprojects/Chessie
  specs:
    src/Chessie/ErrorHandling.fs (683c29b387a972e26e6e40826f4eb43627e7775b)